{
    "TaskName": "somato",
    "Manufacturer": "Elekta",
    "PowerLineFrequency": 50,
    "SamplingFrequency": 300.3074951171875,
    "SoftwareFilters": "n/a",
    "RecordingDuration": 897.0771771609423,
    "RecordingType": "continuous",
    "DewarPosition": "n/a",
    "DigitizedLandmarks": false,
    "DigitizedHeadPoints": false,
    "MEGChannelCount": 306,
    "MEGREFChannelCount": 0,
    "EEGChannelCount": 0,
    "EOGChannelCount": 1,
    "ECGChannelCount": 0,
    "EMGChannelCount": 0,
    "MiscChannelCount": 0,
    "TriggerChannelCount": 9
}
